GEM
  remote: https://rubygems.org/
  remote: https://packagecloud.io/darscan/reaper/
  specs:
    json (1.0.0)
    nokogiri (1.5.4)
    privvy (0.1.0)
      json (= 1.0.0)
      nokogiri (= 1.5.4)
      redis-rack-cache (= 1.1)
    rack (2.0.1)
    rack-cache (1.1)
      rack (>= 0.4)
    redis (2.2.2)
    redis-rack-cache (1.1)
      rack-cache (= 1.1)
      redis-store (= 1.1.0)
    redis-store (1.1.0)
      redis (~> 2.2.0)

PLATFORMS
  ruby

DEPENDENCIES
  privvy!

BUNDLED WITH
   1.13.7
